GEM
  remote: http://rubygems.org/
  specs:
    rack (2.0.3)

PLATFORMS
  ruby

DEPENDENCIES
  rack (~> 2.0.3)

RUBY VERSION
   ruby 2.4.1p111

BUNDLED WITH
   1.15.1
